GEM
  remote: https://rubygems.org/
  specs:
    ast (2.4.3)
    base64 (0.2.0)
    bigdecimal (3.1.9)
    bundler-audit (0.9.2)
      bundler (>= 1.2.0, < 3)
      thor (~> 1.0)
    coderay (1.1.3)
    ffi (1.17.2-aarch64-linux-gnu)
    ffi (1.17.2-aarch64-linux-musl)
    ffi (1.17.2-arm-linux-gnu)
    ffi (1.17.2-arm-linux-musl)
    ffi (1.17.2-arm64-darwin)
    ffi (1.17.2-x86-linux-gnu)
    ffi (1.17.2-x86-linux-musl)
    ffi (1.17.2-x86_64-darwin)
    ffi (1.17.2-x86_64-linux-gnu)
    ffi (1.17.2-x86_64-linux-musl)
    figaro (1.2.0)
      thor (>= 0.14.0, < 2)
    hirb (0.7.3)
    io-console (0.8.0)
    json (2.11.3)
    language_server-protocol (3.17.0.4)
    lint_roller (1.1.0)
    listen (3.9.0)
      rb-fsevent (~> 0.10, >= 0.10.3)
      rb-inotify (~> 0.9, >= 0.9.10)
    logger (1.7.0)
    method_source (1.1.0)
    minitest (5.25.5)
    minitest-rg (5.3.0)
      minitest (~> 5.0)
    nio4r (2.7.4)
    parallel (1.27.0)
    parser (3.3.8.0)
      ast (~> 2.4.1)
      racc
    pg (1.5.9)
    prism (1.4.0)
    pry (0.15.2)
      coderay (~> 1.1)
      method_source (~> 1.0)
    puma (6.6.0)
      nio4r (~> 2.0)
    racc (1.8.1)
    rack (3.1.14)
    rack-test (2.2.0)
      rack (>= 1.3)
    rainbow (3.1.1)
    rake (13.2.1)
    rb-fsevent (0.11.2)
    rb-inotify (0.11.1)
      ffi (~> 1.0)
    rbnacl (7.1.2)
      ffi (~> 1)
    regexp_parser (2.10.0)
    reline (0.6.1)
      io-console (~> 0.5)
    rerun (0.14.0)
      listen (~> 3.0)
    roda (3.91.0)
      rack
    rubocop (1.75.5)
      json (~> 2.3)
      language_server-protocol (~> 3.17.0.2)
      lint_roller (~> 1.1.0)
      parallel (~> 1.10)
      parser (>= 3.3.0.2)
      rainbow (>= 2.2.2, < 4.0)
      regexp_parser (>= 2.9.3, < 3.0)
      rubocop-ast (>= 1.44.0, < 2.0)
      ruby-progressbar (~> 1.7)
      unicode-display_width (>= 2.4.0, < 4.0)
    rubocop-ast (1.44.1)
      parser (>= 3.3.7.2)
      prism (~> 1.4)
    rubocop-minitest (0.38.0)
      lint_roller (~> 1.1)
      rubocop (>= 1.75.0, < 2.0)
      rubocop-ast (>= 1.38.0, < 2.0)
    rubocop-performance (1.25.0)
      lint_roller (~> 1.1)
      rubocop (>= 1.75.0, < 2.0)
      rubocop-ast (>= 1.38.0, < 2.0)
    rubocop-rake (0.7.1)
      lint_roller (~> 1.1)
      rubocop (>= 1.72.1)
    rubocop-sequel (0.4.1)
      lint_roller (~> 1.1)
      rubocop (>= 1.72.1, < 2)
    ruby-progressbar (1.13.0)
    sequel (5.92.0)
      bigdecimal
    sequel-seed (1.1.2)
      sequel (>= 4.49.0)
    sqlite3 (2.6.0-aarch64-linux-gnu)
    sqlite3 (2.6.0-aarch64-linux-musl)
    sqlite3 (2.6.0-arm-linux-gnu)
    sqlite3 (2.6.0-arm-linux-musl)
    sqlite3 (2.6.0-arm64-darwin)
    sqlite3 (2.6.0-x86-linux-gnu)
    sqlite3 (2.6.0-x86-linux-musl)
    sqlite3 (2.6.0-x86_64-darwin)
    sqlite3 (2.6.0-x86_64-linux-gnu)
    sqlite3 (2.6.0-x86_64-linux-musl)
    thor (1.3.2)
    unicode-display_width (3.1.4)
      unicode-emoji (~> 4.0, >= 4.0.4)
    unicode-emoji (4.0.4)

PLATFORMS
  aarch64-linux-gnu
  aarch64-linux-musl
  arm-linux-gnu
  arm-linux-musl
  arm64-darwin
  x86-linux-gnu
  x86-linux-musl
  x86_64-darwin
  x86_64-linux-gnu
  x86_64-linux-musl

DEPENDENCIES
  base64
  bundler-audit
  figaro (~> 1.2)
  hirb
  json
  logger (~> 1.0)
  minitest
  minitest-rg
  pg
  pry
  puma (~> 6.0)
  rack (>= 3.1.14)
  rack-test
  rake
  rbnacl (~> 7.1)
  reline
  rerun
  roda (~> 3.0)
  rubocop
  rubocop-minitest
  rubocop-performance
  rubocop-rake
  rubocop-sequel
  sequel (~> 5.55)
  sequel-seed
  sqlite3 (~> 2.6)

RUBY VERSION
   ruby 3.4.3p32

BUNDLED WITH
   2.6.7
